PATH
  remote: .
  specs:
    comatose (2.0.5)
      RedCloth
      acts_as_tree_rails3
      acts_as_versioned
      dynamic_form
      liquid

GEM
  remote: https://rubygems.org/
  specs:
    RedCloth (4.2.9)
    activemodel (3.0.12)
      activesupport (= 3.0.12)
      builder (~> 2.1.2)
      i18n (~> 0.5.0)
    activerecord (3.0.12)
      activemodel (= 3.0.12)
      activesupport (= 3.0.12)
      arel (~> 2.0.10)
      tzinfo (~> 0.3.23)
    activesupport (3.0.12)
    acts_as_tree_rails3 (0.1.0)
    acts_as_versioned (0.6.0)
      activerecord (~> 3.0.0.beta4)
    arel (2.0.10)
    builder (2.1.2)
    dynamic_form (1.1.4)
    i18n (0.5.0)
    liquid (2.3.0)
    tzinfo (0.3.33)

PLATFORMS
  ruby

DEPENDENCIES
  comatose!
